PATH
  remote: .
  specs:
    neon_webhooks (0.1.0)

GEM
  remote: https://rubygems.org/
  specs:
    diff-lcs (1.4.4)
    rack (2.2.3)
    rake (12.3.3)
    roda (3.44.0)
      rack
    rspec (3.10.0)
      rspec-core (~> 3.10.0)
      rspec-expectations (~> 3.10.0)
      rspec-mocks (~> 3.10.0)
    rspec-core (3.10.1)
      rspec-support (~> 3.10.0)
    rspec-expectations (3.10.1)
      diff-lcs (>= 1.2.0, < 2.0)
      rspec-support (~> 3.10.0)
    rspec-mocks (3.10.2)
      diff-lcs (>= 1.2.0, < 2.0)
      rspec-support (~> 3.10.0)
    rspec-support (3.10.2)
    webrick (1.7.0)

PLATFORMS
  ruby

DEPENDENCIES
  neon_webhooks!
  rack (~> 2.2)
  rake (~> 12.0)
  roda (~> 3.44)
  rspec (~> 3.0)
  webrick (~> 1.7)

BUNDLED WITH
   2.1.4
